PATH
  remote: .
  specs:
    linda (0.0.2)

GEM
  remote: https://rubygems.org/
  specs:
    minitest (5.0.1)
    rake (10.0.4)

PLATFORMS
  ruby

DEPENDENCIES
  bundler (~> 1.3)
  linda!
  minitest
  rake
