PATH
  remote: .
  specs:
    linda (0.0.4)
      json

GEM
  remote: https://rubygems.org/
  specs:
    json (1.8.0)
    minitest (5.0.3)
    rake (10.0.4)

PLATFORMS
  ruby

DEPENDENCIES
  bundler (~> 1.3)
  linda!
  minitest
  rake
