PATH
  remote: .
  specs:
    linda (0.0.4)
      json

GEM
  remote: https://rubygems.org/
  specs:
    json (1.8.1)
    minitest (5.0.8)
    rake (10.1.0)

PLATFORMS
  ruby

DEPENDENCIES
  bundler (~> 1.3)
  linda!
  minitest
  rake
